GEM
  remote: http://rubygems.org/
  specs:
    rcov (0.9.9)
    rcov (0.9.9-java)
    shoulda (2.11.3)

PLATFORMS
  java
  ruby

DEPENDENCIES
  bundler
  rcov
  shoulda
