PATH
  remote: .
  specs:
    simple_drilldown (0.0.1)

GEM
  remote: https://rubygems.org/
  specs:
    rake (10.1.0)

PLATFORMS
  java
  ruby

DEPENDENCIES
  bundler (~> 1.3)
  rake
  simple_drilldown!
